GEM
  remote: http://rubygems.org/
  specs:
    awesome_print (1.6.1)
    aws-sdk (2.2.37)
      aws-sdk-resources (= 2.2.37)
    aws-sdk-core (2.2.37)
      jmespath (~> 1.0)
    aws-sdk-resources (2.2.37)
      aws-sdk-core (= 2.2.37)
    haml (4.0.7)
      tilt
    jmespath (1.2.4)
      json_pure (>= 1.8.1)
    json_pure (1.8.3)
    rmagick (2.15.4)
    sprite-factory (1.7.1)
    tilt (2.0.2)

PLATFORMS
  ruby

DEPENDENCIES
  awesome_print
  aws-sdk
  haml
  rmagick
  sprite-factory

BUNDLED WITH
   1.10.6
